GEM
  remote: https://rubygems.org/
  specs:
    digest-blake3 (1.5.1.0)
    msgpack (1.6.0)
    mysql2 (0.5.4)
    pg (1.3.5)
    power_assert (2.0.3)
    ruby-xxHash (0.4.0.2)
    test-unit (3.5.7)
      power_assert

PLATFORMS
  arm64-darwin-22
  x86_64-darwin-21

DEPENDENCIES
  digest-blake3
  msgpack
  mysql2
  pg
  ruby-xxHash
  test-unit

BUNDLED WITH
   2.4.19
