GIT
  remote: https://github.com/willbryant/ruby-pg.git
  revision: cbec7ca80370601a6e5070da8ebcd894431b23c0
  specs:
    pg (0.16.0)

GEM
  remote: https://rubygems.org/
  specs:
    msgpack (0.5.9)
    mysql2 (0.3.15)
    power_assert (0.2.2)
    ruby-xxHash (0.4.0.1)
    test-unit (3.0.8)
      power_assert

PLATFORMS
  ruby

DEPENDENCIES
  msgpack
  mysql2
  pg!
  ruby-xxHash
  test-unit

BUNDLED WITH
   1.10.6
